GEM
  remote: http://rubygems.org/
  specs:
    activesupport (3.2.8)
      i18n (~> 0.6)
      multi_json (~> 1.0)
    cucub-protocol (0.0.1)
      msgpack
    eventmachine (1.0.0.beta.4)
    ffi (1.1.5)
    ffi-rzmq (0.9.3)
      ffi
    git (1.2.5)
    i18n (0.6.1)
    jeweler (1.8.4)
      bundler (~> 1.0)
      git (>= 1.2.5)
      rake
      rdoc
    json (1.7.5)
    ma-zmq (0.0.2)
      eventmachine (= 1.0.0.beta.4)
      ffi-rzmq (= 0.9.3)
    msgpack (0.4.7)
    multi_json (1.3.6)
    rake (0.9.2.2)
    rdoc (3.12)
      json (~> 1.4)
    servolux (0.10.0)
    shoulda (3.1.1)
      shoulda-context (~> 1.0)
      shoulda-matchers (~> 1.2)
    shoulda-context (1.0.0)
    shoulda-matchers (1.3.0)
      activesupport (>= 3.0.0)
    simplecov (0.6.4)
      multi_json (~> 1.0)
      simplecov-html (~> 0.5.3)
    simplecov-html (0.5.3)
    thor (0.15.2)

PLATFORMS
  ruby

DEPENDENCIES
  bundler (~> 1.1.3)
  cucub-protocol
  jeweler (~> 1.8.4)
  ma-zmq
  rdoc (~> 3.12)
  servolux
  shoulda
  simplecov
  thor
